GEM
  remote: https://rubygems.org/
  specs:
    byebug (11.1.3)
    concurrent-ruby (1.1.10)
    connection_pool (2.3.0)
    daemons (1.4.0)
    diff-lcs (1.5.0)
    docile (1.3.4)
    domain_name (0.5.20190701)
      unf (>= 0.0.5, < 1.0.0)
    et-orbi (1.2.7)
      tzinfo
    eventmachine (1.2.7)
    fugit (1.7.1)
      et-orbi (~> 1, >= 1.2.7)
      raabro (~> 1.4)
    haml (6.0.10)
      temple (>= 0.8.2)
      thor
      tilt
    http-accept (1.7.0)
    http-cookie (1.0.3)
      domain_name (~> 0.5)
    iso-639 (0.3.5)
    json (2.6.2)
    kgio (2.11.4)
    mail (2.7.1)
      mini_mime (>= 0.1.1)
    mime-types (3.4.1)
      mime-types-data (~> 3.2015)
    mime-types-data (3.2021.1115)
    mini_mime (1.0.2)
    mini_portile2 (2.8.0)
    mustermann (3.0.0)
      ruby2_keywords (~> 0.0.1)
    netrc (0.11.0)
    nokogiri (1.13.9)
      mini_portile2 (~> 2.8.0)
      racc (~> 1.4)
    raabro (1.4.0)
    racc (1.6.0)
    rack (2.2.4)
    rack-protection (3.0.3)
      rack
    rack-test (2.0.2)
      rack (>= 1.3)
    raindrops (0.20.0)
    rake (13.0.6)
    redis (4.8.0)
    redis-namespace (1.9.0)
      redis (>= 4)
    rest-client (2.1.0)
      http-accept (>= 1.7.0, < 2.0)
      http-cookie (>= 1.0.2, < 2.0)
      mime-types (>= 1.16, < 4.0)
      netrc (~> 0.8)
    rspec (3.12.0)
      rspec-core (~> 3.12.0)
      rspec-expectations (~> 3.12.0)
      rspec-mocks (~> 3.12.0)
    rspec-core (3.12.0)
      rspec-support (~> 3.12.0)
    rspec-expectations (3.12.0)
      diff-lcs (>= 1.2.0, < 2.0)
      rspec-support (~> 3.12.0)
    rspec-mocks (3.12.0)
      diff-lcs (>= 1.2.0, < 2.0)
      rspec-support (~> 3.12.0)
    rspec-support (3.12.0)
    ruby-filemagic (0.7.3)
    ruby2_keywords (0.0.5)
    sidekiq (6.5.8)
      connection_pool (>= 2.2.5, < 3)
      rack (~> 2.0)
      redis (>= 4.5.0, < 5)
    sidekiq-cron (1.8.0)
      fugit (~> 1)
      sidekiq (>= 4.2.1)
    simplecov (0.21.2)
      docile (~> 1.1)
      simplecov-html (~> 0.11)
      simplecov_json_formatter (~> 0.1)
    simplecov-html (0.12.3)
    simplecov_json_formatter (0.1.2)
    sinatra (3.0.3)
      mustermann (~> 3.0)
      rack (~> 2.2, >= 2.2.4)
      rack-protection (= 3.0.3)
      tilt (~> 2.0)
    temple (0.9.1)
    thin (1.8.1)
      daemons (~> 1.0, >= 1.0.9)
      eventmachine (~> 1.0, >= 1.0.4)
      rack (>= 1, < 3)
    thor (1.2.1)
    tilt (2.0.11)
    timecop (0.9.5)
    tzinfo (2.0.5)
      concurrent-ruby (~> 1.0)
    unf (0.1.4)
      unf_ext
    unf_ext (0.0.7.7)
    unicorn (6.1.0)
      kgio (~> 2.6)
      raindrops (~> 0.7)
    webrick (1.7.0)
    yard (0.9.28)
      webrick (~> 1.7.0)

PLATFORMS
  ruby

DEPENDENCIES
  byebug (~> 11.1)
  haml (~> 6.0)
  iso-639 (~> 0.3.5)
  json (~> 2.6)
  mail (~> 2.7)
  mime-types (~> 3.4)
  nokogiri (~> 1.13)
  rack-test (~> 2.0)
  rake (~> 13.0)
  redis-namespace (~> 1.9)
  rest-client (~> 2.1)
  rspec (~> 3.12)
  ruby-filemagic (~> 0.7.3)
  sidekiq (~> 6.5)
  sidekiq-cron (~> 1.8)
  simplecov (~> 0.21.2)
  sinatra (~> 3.0)
  thin (~> 1.8)
  timecop (~> 0.9.5)
  unicorn (~> 6.1)
  yard (~> 0.9.28)

RUBY VERSION
   ruby 2.6.5p114

BUNDLED WITH
   1.17.3
